PATH
  remote: .
  specs:
    assignmenator (0.1.0)

GEM
  remote: https://rubygems.org/
  specs:
    rake (10.5.0)

PLATFORMS
  ruby

DEPENDENCIES
  assignmenator!
  bundler (~> 1.11)
  rake (~> 10.0)

BUNDLED WITH
   1.11.2
